
type = string-attribute
name = HISTORY_NOTE
count = 210
'[ziad@iodine.nimh.nih.gov: Mon Apr 30 11:44:20 2001] 3dcalc -a ARzs_CW_r1vr+orig -b ARzs_CW_r2vr+orig -c ARzs_CW_r3vr+orig -d ARzs_CW_r4vr+orig -e ARzs_CW_r5vr+orig -expr '((a+b+c+d+e)/5)' -prefix ARzs_CW_avvr~

type = string-attribute
name = TYPESTRING
count = 15
'3DIM_HEAD_ANAT~

type = string-attribute
name = IDCODE_STRING
count = 16
'GPL_MyuAaqiYjWY~

type = string-attribute
name = IDCODE_DATE
count = 25
'Mon Apr 30 11:44:20 2001~

type = integer-attribute
name = SCENE_DATA
count = 8
 0 2 0 -999 -999
 -999 -999 -999

type = string-attribute
name = LABEL_1
count = 5
'zyxt~

type = string-attribute
name = LABEL_2
count = 5
'zyxt~

type = string-attribute
name = DATASET_NAME
count = 5
'zyxt~

type = integer-attribute
name = ORIENT_SPECIFIC
count = 3
 0 5 2

type  = float-attribute
name  = ORIGIN
count = 3
       -118.125        118.125           96.8

type  = float-attribute
name  = DELTA
count = 3
           3.75          -3.75             -4

type  = float-attribute
name  = BRICK_STATS
count = 320
            -50           3914            -38           3967            -45
           3832            -54           3824            -40           3897
            -42           3842            -43           3971            -49
           3845            -48           3841            -49           3975
            -40           3855            -42           3846            -49
           3871            -54           3866            -49           3987
            -50           3860            -48           3849            -46
           3931            -55           3874            -56           3898
            -60           3881            -61           3890            -54
           3978            -63           3878            -76           3879
            -71           3881            -67           3878            -71
           3898            -63           3887            -71           3891
            -69           3865            -70           3873            -59
           3888            -76           3866            -62           3880
            -55           3902            -50           3855            -58
           3887            -68           3857            -58           3840
            -60           3914            -59           3861            -62
           3945            -70           3873            -70           3892
            -66           3881            -63           3874            -65
           3853            -56           3963            -71           3875
            -75           4130            -71           3886            -61
           3908            -70           3888            -73           3909
            -74           3877            -69           3880            -67
           3953            -61           3872            -66           3882
            -61           3868            -55           3950            -57
           3863            -56           3875            -61           3992
            -64           3866            -60           3872            -61
           3892            -70           3879            -69           3967
            -72           3867            -60           3883            -63
           3894            -73           3865            -58           3896
            -71           3871            -62           3868            -55
           3893            -58           3891            -55           3895
            -62           3889            -53           3866            -59
           3853            -57           3972            -54           3864
            -54           3862            -53           3909            -62
           3868            -60           3871            -67           3864
            -63           3901            -68           3885            -65
           3890            -69           3876            -71           3880
            -61           3909            -70           3882            -56
           4037            -67           3888            -62           3973
            -65           3901            -60           3904            -61
           3992            -71           3866            -64           3869
            -55           4009            -61           3856            -52
           3869            -66           3858            -60           3878
            -70           3918            -63           3899            -58
           3870            -66           3907            -68           3885
            -63           3900            -69           3895            -65
           3898            -62           3904            -67           3926
            -61           3924            -72           3916            -63
           3930            -64           3919            -64           3920
            -59           3910            -63           3954            -56
           3914            -55           3906            -57           3914
            -55           3900            -58           3923            -61
           3903            -66           3904            -62           3933
            -68           3904            -70           3882            -63
           3898            -71           3916            -68           3904
            -64           3961            -71           3900            -63
           3902            -60           3912            -60           3918
            -55           3974            -59           3917            -65
           3889            -56           3878            -61           3864
            -56           3867            -61           3858            -49
           3882            -53           3885            -68           3884
            -55           3961            -64           3899            -67
           3954            -70           3873            -70           3865

type = integer-attribute
name = TAXIS_NUMS
count = 8
 160 18 77001 -999 -999
 -999 -999 -999

type  = float-attribute
name  = TAXIS_FLOATS
count = 8
              0           2000              0           96.8             -4
        -999999        -999999        -999999

type  = float-attribute
name  = TAXIS_OFFSETS
count = 18
              0           1000       111.1111       1111.111       222.2222
       1222.222       333.3333       1333.333       444.4445       1444.444
       555.5555       1555.556       666.6667       1666.667       777.7778
       1777.778       888.8889       1888.889

type = integer-attribute
name = DATASET_RANK
count = 8
 3 160 0 0 0
 0 0 0

type = integer-attribute
name = DATASET_DIMENSIONS
count = 5
 64 64 18 0 0

type = integer-attribute
name = BRICK_TYPES
count = 160
 1 1 1 1 1
 1 1 1 1 1
 1 1 1 1 1
 1 1 1 1 1
 1 1 1 1 1
 1 1 1 1 1
 1 1 1 1 1
 1 1 1 1 1
 1 1 1 1 1
 1 1 1 1 1
 1 1 1 1 1
 1 1 1 1 1
 1 1 1 1 1
 1 1 1 1 1
 1 1 1 1 1
 1 1 1 1 1
 1 1 1 1 1
 1 1 1 1 1
 1 1 1 1 1
 1 1 1 1 1
 1 1 1 1 1
 1 1 1 1 1
 1 1 1 1 1
 1 1 1 1 1
 1 1 1 1 1
 1 1 1 1 1
 1 1 1 1 1
 1 1 1 1 1
 1 1 1 1 1
 1 1 1 1 1
 1 1 1 1 1
 1 1 1 1 1

type  = float-attribute
name  = BRICK_FLOAT_FACS
count = 160
              0              0              0              0              0
              0              0              0              0              0
              0              0              0              0              0
              0              0              0              0              0
              0              0              0              0              0
              0              0              0              0              0
              0              0              0              0              0
              0              0              0              0              0
              0              0              0              0              0
              0              0              0              0              0
              0              0              0              0              0
              0              0              0              0              0
              0              0              0              0              0
              0              0              0              0              0
              0              0              0              0              0
              0              0              0              0              0
              0              0              0              0              0
              0              0              0              0              0
              0              0              0              0              0
              0              0              0              0              0
              0              0              0              0              0
              0              0              0              0              0
              0              0              0              0              0
              0              0              0              0              0
              0              0              0              0              0
              0              0              0              0              0
              0              0              0              0              0
              0              0              0              0              0
              0              0              0              0              0
              0              0              0              0              0
              0              0              0              0              0
              0              0              0              0              0

type = string-attribute
name = BRICK_LABS
count = 690
'#0~#1~#2~#3~#4~#5~#6~#7~#8~#9~#10~#11~#12~#13~#14~#15~#16~#17~#18~#19~#20~#21~#22~#23~#24~#25~#26~#27~#28~#29~#30~#31~#32~#33~#34~#35~#36~#37~#38~#39~#40~#41~#42~#43~#44~#45~#46~#47~#48~#49~#50~#51~#52~#53~#54~#55~#56~#57~#58~#59~#60~#61~#62~#63~#64~#65~#66~#67~#68~#69~#70~#71~#72~#73~#74~#75~#76~#77~#78~#79~#80~#81~#82~#83~#84~#85~#86~#87~#88~#89~#90~#91~#92~#93~#94~#95~#96~#97~#98~#99~#100~#101~#102~#103~#104~#105~#106~#107~#108~#109~#110~#111~#112~#113~#114~#115~#116~#117~#118~#119~#120~#121~#122~#123~#124~#125~#126~#127~#128~#129~#130~#131~#132~#133~#134~#135~#136~#137~#138~#139~#140~#141~#142~#143~#144~#145~#146~#147~#148~#149~#150~#151~#152~#153~#154~#155~#156~#157~#158~#159~

type = string-attribute
name = BRICK_KEYWORDS
count = 160
'~~~~~~~~~~~~~~~~~~~~~~~~~~~~~~~~~~~~~~~~~~~~~~~~~~~~~~~~~~~~~~~~~~~~~~~~~~~~~~~~~~~~~~~~~~~~~~~~~~~~~~~~~~~~~~~~~~~~~~~~~~~~~~~~~~~~~~~~~~~~~~~~~~~~~~~~~~~~~~~~

type = string-attribute
name = BYTEORDER_STRING
count = 10
'LSB_FIRST~
